GIT
  remote: https://github.com/Arie/google_visualr.git
  revision: c6d34b87721639cb79235a6828585d604a49ced0
  specs:
    google_visualr (2.1.6)

GIT
  remote: https://github.com/Arie/remote_lock.git
  revision: 402bba89168d8259ced331f0c5a6d75f529c06b7
  specs:
    remote_lock (1.2.0)

GIT
  remote: https://github.com/Arie/steam-condenser-ruby.git
  revision: 2d1a1acc2e76631e91cb25a263b3d00373371695
  specs:
    steam-condenser (1.3.11)
      activesupport (>= 4.2)
      multi_json (~> 1.6)
      multi_xml (~> 0.5)
      rexml (~> 3.2)

GIT
  remote: https://github.com/Pharmony/capistrano-sidekiq.git
  revision: fc20388544468d7fedbd89d06df9ea8225c8e6a0
  specs:
    capistrano-sidekiq (2.3.0)
      capistrano (>= 3.9.0)
      capistrano-bundler
      sidekiq (>= 6.0)

GEM
  remote: https://rubygems.org/
  specs:
    actioncable (7.2.0)
      actionpack (= 7.2.0)
      activesupport (= 7.2.0)
      nio4r (~> 2.0)
      websocket-driver (>= 0.6.1)
      zeitwerk (~> 2.6)
    actionmailbox (7.2.0)
      actionpack (= 7.2.0)
      activejob (= 7.2.0)
      activerecord (= 7.2.0)
      activestorage (= 7.2.0)
      activesupport (= 7.2.0)
      mail (>= 2.8.0)
    actionmailer (7.2.0)
      actionpack (= 7.2.0)
      actionview (= 7.2.0)
      activejob (= 7.2.0)
      activesupport (= 7.2.0)
      mail (>= 2.8.0)
      rails-dom-testing (~> 2.2)
    actionpack (7.2.0)
      actionview (= 7.2.0)
      activesupport (= 7.2.0)
      nokogiri (>= 1.8.5)
      racc
      rack (>= 2.2.4, < 3.2)
      rack-session (>= 1.0.1)
      rack-test (>= 0.6.3)
      rails-dom-testing (~> 2.2)
      rails-html-sanitizer (~> 1.6)
      useragent (~> 0.16)
    actiontext (7.2.0)
      actionpack (= 7.2.0)
      activerecord (= 7.2.0)
      activestorage (= 7.2.0)
      activesupport (= 7.2.0)
      globalid (>= 0.6.0)
      nokogiri (>= 1.8.5)
    actionview (7.2.0)
      activesupport (= 7.2.0)
      builder (~> 3.1)
      erubi (~> 1.11)
      rails-dom-testing (~> 2.2)
      rails-html-sanitizer (~> 1.6)
    activejob (7.2.0)
      activesupport (= 7.2.0)
      globalid (>= 0.3.6)
    activemodel (7.2.0)
      activesupport (= 7.2.0)
    activemodel-serializers-xml (1.0.2)
      activemodel (> 5.x)
      activesupport (> 5.x)
      builder (~> 3.1)
    activerecord (7.2.0)
      activemodel (= 7.2.0)
      activesupport (= 7.2.0)
      timeout (>= 0.4.0)
    activestorage (7.2.0)
      actionpack (= 7.2.0)
      activejob (= 7.2.0)
      activerecord (= 7.2.0)
      activesupport (= 7.2.0)
      marcel (~> 1.0)
    activesupport (7.2.0)
      base64
      bigdecimal
      concurrent-ruby (~> 1.0, >= 1.3.1)
      connection_pool (>= 2.2.5)
      drb
      i18n (>= 1.6, < 2)
      logger (>= 1.4.2)
      minitest (>= 5.1)
      securerandom (>= 0.3)
      tzinfo (~> 2.0, >= 2.0.5)
    addressable (2.8.7)
      public_suffix (>= 2.0.2, < 7.0)
    airbrussh (1.5.2)
      sshkit (>= 1.6.1, != 1.7.0)
    american_date (1.3.0)
    ast (2.4.2)
    autoprefixer-rails (10.4.19.0)
      execjs (~> 2)
    aws-eventstream (1.3.0)
    aws-partitions (1.966.0)
    aws-sdk-core (3.201.5)
      aws-eventstream (~> 1, >= 1.3.0)
      aws-partitions (~> 1, >= 1.651.0)
      aws-sigv4 (~> 1.9)
      jmespath (~> 1, >= 1.6.1)
    aws-sdk-kms (1.88.0)
      aws-sdk-core (~> 3, >= 3.201.0)
      aws-sigv4 (~> 1.5)
    aws-sdk-s3 (1.159.0)
      aws-sdk-core (~> 3, >= 3.201.0)
      aws-sdk-kms (~> 1)
      aws-sigv4 (~> 1.5)
    aws-sigv4 (1.9.1)
      aws-eventstream (~> 1, >= 1.0.2)
    backport (1.2.0)
    base32_pure (0.1.0)
    base64 (0.2.0)
    bcrypt (3.1.20)
    bcrypt_pbkdf (1.1.1)
    bcrypt_pbkdf (1.1.1-arm64-darwin)
    bcrypt_pbkdf (1.1.1-x86_64-darwin)
    benchmark (0.3.0)
    better_errors (2.10.1)
      erubi (>= 1.0.0)
      rack (>= 0.9.0)
      rouge (>= 1.0.0)
    bigdecimal (3.1.8)
    binding_of_caller (1.0.1)
      debug_inspector (>= 1.2.0)
    bootsnap (1.18.4)
      msgpack (~> 1.2)
    bootstrap (4.6.2)
      autoprefixer-rails (>= 9.1.0)
      popper_js (>= 1.16.1, < 2)
      sassc-rails (>= 2.0.0)
    builder (3.3.0)
    capistrano (3.19.1)
      airbrussh (>= 1.0.0)
      i18n
      rake (>= 10.0.0)
      sshkit (>= 1.9.0)
    capistrano-bundler (2.1.1)
      capistrano (~> 3.1)
    capistrano-ext (1.2.1)
      capistrano (>= 1.0.0)
    capistrano-faster-assets (1.1.0)
      capistrano (>= 3.1)
    capistrano-maintenance (1.2.1)
      capistrano (>= 3.0)
    capistrano-rails (1.6.3)
      capistrano (~> 3.1)
      capistrano-bundler (>= 1.1, < 3)
    capistrano-rvm (0.1.2)
      capistrano (~> 3.0)
      sshkit (~> 1.2)
    capistrano3-puma (5.2.0)
      capistrano (~> 3.7)
      capistrano-bundler
      puma (>= 4.0, < 6.0)
    capybara (3.40.0)
      addressable
      matrix
      mini_mime (>= 0.1.3)
      nokogiri (~> 1.11)
      rack (>= 1.6.0)
      rack-test (>= 0.6.3)
      regexp_parser (>= 1.5, < 3.0)
      xpath (~> 3.2)
    carrierwave (3.0.7)
      activemodel (>= 6.0.0)
      activesupport (>= 6.0.0)
      addressable (~> 2.6)
      image_processing (~> 1.1)
      marcel (~> 1.0.0)
      ssrf_filter (~> 1.0)
    childprocess (5.1.0)
      logger (~> 1.5)
    chronic (0.10.2)
    chunky_png (1.3.15)
    coderay (1.1.3)
    coffee-rails (5.0.0)
      coffee-script (>= 2.2.0)
      railties (>= 5.2.0)
    coffee-script (2.4.1)
      coffee-script-source
      execjs
    coffee-script-source (1.12.2)
    concurrent-ruby (1.3.4)
    connection_pool (2.4.1)
    coveralls (0.8.23)
      json (>= 1.8, < 3)
      simplecov (~> 0.16.1)
      term-ansicolor (~> 1.3)
      thor (>= 0.19.4, < 2.0)
      tins (~> 1.6)
    crack (1.0.0)
      bigdecimal
      rexml
    crass (1.0.6)
    csv (3.3.0)
    cucumber (9.2.0)
      builder (~> 3.2)
      cucumber-ci-environment (> 9, < 11)
      cucumber-core (> 13, < 14)
      cucumber-cucumber-expressions (~> 17.0)
      cucumber-gherkin (> 24, < 28)
      cucumber-html-formatter (> 20.3, < 22)
      cucumber-messages (> 19, < 25)
      diff-lcs (~> 1.5)
      mini_mime (~> 1.1)
      multi_test (~> 1.1)
      sys-uname (~> 1.2)
    cucumber-ci-environment (10.0.1)
    cucumber-core (13.0.3)
      cucumber-gherkin (>= 27, < 28)
      cucumber-messages (>= 20, < 23)
      cucumber-tag-expressions (> 5, < 7)
    cucumber-cucumber-expressions (17.1.0)
      bigdecimal
    cucumber-gherkin (27.0.0)
      cucumber-messages (>= 19.1.4, < 23)
    cucumber-html-formatter (21.7.0)
      cucumber-messages (> 19, < 27)
    cucumber-messages (22.0.0)
    cucumber-rails (3.0.0)
      capybara (>= 3.11, < 4)
      cucumber (>= 5, < 10)
      railties (>= 5.2, < 8)
    cucumber-tag-expressions (6.1.0)
    dante (0.2.0)
    database_cleaner (2.0.2)
      database_cleaner-active_record (>= 2, < 3)
    database_cleaner-active_record (2.2.0)
      activerecord (>= 5.a)
      database_cleaner-core (~> 2.0.0)
    database_cleaner-core (2.0.1)
    date (3.3.4)
    debug_inspector (1.2.0)
    delorean (2.1.0)
      chronic
    devise (4.9.4)
      bcrypt (~> 3.0)
      orm_adapter (~> 0.1)
      railties (>= 4.1.0)
      responders
      warden (~> 1.2.3)
    diff-lcs (1.5.1)
    docile (1.4.1)
    domain_name (0.6.20240107)
    down (5.4.2)
      addressable (~> 2.8)
    draper (4.0.2)
      actionpack (>= 5.0)
      activemodel (>= 5.0)
      activemodel-serializers-xml (>= 1.0)
      activesupport (>= 5.0)
      request_store (>= 1.0)
      ruby2_keywords
    drb (2.2.1)
    e2mmap (0.1.0)
    ed25519 (1.3.0)
    erubi (1.13.0)
    et-orbi (1.2.11)
      tzinfo
    eventmachine (1.2.7)
    execjs (2.9.1)
    factory_bot (6.4.6)
      activesupport (>= 5.0.0)
    factory_bot_rails (6.4.3)
      factory_bot (~> 6.4)
      railties (>= 5.0.0)
    faraday (1.10.3)
      faraday-em_http (~> 1.0)
      faraday-em_synchrony (~> 1.0)
      faraday-excon (~> 1.1)
      faraday-httpclient (~> 1.0)
      faraday-multipart (~> 1.0)
      faraday-net_http (~> 1.0)
      faraday-net_http_persistent (~> 1.0)
      faraday-patron (~> 1.0)
      faraday-rack (~> 1.0)
      faraday-retry (~> 1.0)
      ruby2_keywords (>= 0.0.4)
    faraday-em_http (1.0.0)
    faraday-em_synchrony (1.0.0)
    faraday-excon (1.1.0)
    faraday-httpclient (1.0.1)
    faraday-multipart (1.0.4)
      multipart-post (~> 2)
    faraday-net_http (1.0.2)
    faraday-net_http_persistent (1.2.0)
    faraday-patron (1.0.0)
    faraday-rack (1.0.0)
    faraday-retry (1.0.3)
    ffi (1.17.0-aarch64-linux-gnu)
    ffi (1.17.0-aarch64-linux-musl)
    ffi (1.17.0-arm64-darwin)
    ffi (1.17.0-x86_64-darwin)
    ffi (1.17.0-x86_64-linux-gnu)
    ffi (1.17.0-x86_64-linux-musl)
    ffi-compiler (1.3.2)
      ffi (>= 1.15.5)
      rake
    font-awesome-rails (4.7.0.8)
      railties (>= 3.2, < 8.0)
    fugit (1.11.1)
      et-orbi (~> 1, >= 1.2.11)
      raabro (~> 1.4)
    geocoder (1.8.3)
      base64 (>= 0.1.0)
      csv (>= 3.0.0)
    globalid (1.2.1)
      activesupport (>= 6.1)
    haml (6.3.0)
      temple (>= 0.8.2)
      thor
      tilt
    hashdiff (1.1.1)
    hashie (5.0.0)
    hiredis (0.6.3)
    hive_geoip2 (0.1.3)
    hotwire-rails (0.1.3)
      rails (>= 6.0.0)
      stimulus-rails
      turbo-rails
    http (5.2.0)
      addressable (~> 2.8)
      base64 (~> 0.1)
      http-cookie (~> 1.0)
      http-form_data (~> 2.2)
      llhttp-ffi (~> 0.5.0)
    http-cookie (1.0.7)
      domain_name (~> 0.5)
    http-form_data (2.3.0)
    i18n (1.14.5)
      concurrent-ruby (~> 1.0)
    image_processing (1.13.0)
      mini_magick (>= 4.9.5, < 5)
      ruby-vips (>= 2.0.17, < 3)
    importmap-rails (2.0.1)
      actionpack (>= 6.0.0)
      activesupport (>= 6.0.0)
      railties (>= 6.0.0)
    io-console (0.7.2)
    irb (1.14.0)
      rdoc (>= 4.0.0)
      reline (>= 0.4.2)
    jaro_winkler (1.6.0)
    jbuilder (2.12.0)
      actionview (>= 5.0.0)
      activesupport (>= 5.0.0)
    jmespath (1.6.2)
    jquery-rails (4.6.0)
      rails-dom-testing (>= 1, < 3)
      railties (>= 4.2.0)
      thor (>= 0.14, < 2.0)
    json (2.7.2)
    json_expressions (0.9.0)
    kramdown (2.4.0)
      rexml
    kramdown-parser-gfm (1.1.0)
      kramdown (~> 2.0)
    language_server-protocol (3.17.0.3)
    launchy (3.0.1)
      addressable (~> 2.8)
      childprocess (~> 5.0)
    libv8-node (18.19.0.0-aarch64-linux)
    libv8-node (18.19.0.0-aarch64-linux-musl)
    libv8-node (18.19.0.0-arm64-darwin)
    libv8-node (18.19.0.0-x86_64-darwin)
    libv8-node (18.19.0.0-x86_64-linux)
    libv8-node (18.19.0.0-x86_64-linux-musl)
    llhttp-ffi (0.5.0)
      ffi-compiler (~> 1.0)
      rake (~> 13.0)
    logger (1.6.0)
    lograge (0.14.0)
      actionpack (>= 4)
      activesupport (>= 4)
      railties (>= 4)
      request_store (~> 1.0)
    logs_tf (0.0.5)
      faraday (~> 1.0)
      multipart-post (>= 1.2.0)
    loofah (2.22.0)
      crass (~> 1.0.2)
      nokogiri (>= 1.12.0)
    mail (2.8.1)
      mini_mime (>= 0.1.1)
      net-imap
      net-pop
      net-smtp
    marcel (1.0.4)
    matrix (0.4.2)
    maxmind-db (1.2.0)
    maxmind-geoip2 (1.2.0)
      connection_pool (~> 2.2)
      http (>= 4.3, < 6.0)
      maxmind-db (~> 1.2)
    maxminddb (0.1.22)
    method_source (1.1.0)
    mini_magick (4.13.2)
    mini_mime (1.1.5)
    mini_racer (0.14.1)
      libv8-node (~> 18.19.0.0)
    minitest (5.25.1)
    msgpack (1.7.2)
    multi_json (1.15.0)
    multi_test (1.1.0)
    multi_xml (0.7.1)
      bigdecimal (~> 3.1)
    multipart-post (2.4.1)
    net-ftp (0.3.7)
      net-protocol
      time
    net-imap (0.4.14)
      date
      net-protocol
    net-pop (0.1.2)
      net-protocol
    net-protocol (0.2.2)
      timeout
    net-scp (4.0.0)
      net-ssh (>= 2.6.5, < 8.0.0)
    net-sftp (4.0.0)
      net-ssh (>= 5.0.0, < 8.0.0)
    net-smtp (0.5.0)
      net-protocol
    net-ssh (7.2.3)
    netrc (0.11.0)
    nio4r (2.7.3)
    nokogiri (1.16.7-aarch64-linux)
      racc (~> 1.4)
    nokogiri (1.16.7-arm64-darwin)
      racc (~> 1.4)
    nokogiri (1.16.7-x86_64-darwin)
      racc (~> 1.4)
    nokogiri (1.16.7-x86_64-linux)
      racc (~> 1.4)
    oily_png (1.2.1)
      chunky_png (~> 1.3.7)
    omniauth (2.1.2)
      hashie (>= 3.4.6)
      rack (>= 2.2.3)
      rack-protection
    omniauth-openid (2.0.1)
      omniauth (>= 1.0, < 3.0)
      rack-openid (~> 1.4.0)
    omniauth-rails_csrf_protection (1.0.2)
      actionpack (>= 4.2)
      omniauth (~> 2.0)
    omniauth-steam (1.0.6)
      multi_json
      omniauth-openid
    orm_adapter (0.5.0)
    parallel (1.26.3)
    parallel_tests (4.7.1)
      parallel
    parser (3.3.4.2)
      ast (~> 2.4.1)
      racc
    paypal-sdk-rest (1.7.5)
      multi_json (~> 1.0)
      xml-simple
    pg (1.5.7)
    popper_js (1.16.1)
    prism (0.30.0)
    pry (0.14.2)
      coderay (~> 1.1)
      method_source (~> 1.0)
    pry-nav (1.0.0)
      pry (>= 0.9.10, < 0.15)
    psych (5.1.2)
      stringio
    public_suffix (6.0.1)
    puma (5.6.8)
      nio4r (~> 2.0)
    raabro (1.4.0)
    racc (1.8.1)
    rack (2.2.9)
    rack-cache (1.17.0)
      rack (>= 0.4)
    rack-openid (1.4.2)
      rack (>= 1.1.0)
      ruby-openid (>= 2.1.8)
    rack-protection (3.2.0)
      base64 (>= 0.1.0)
      rack (~> 2.2, >= 2.2.4)
    rack-session (1.0.2)
      rack (< 3)
    rack-test (2.1.0)
      rack (>= 1.3)
    rackup (1.0.0)
      rack (< 3)
      webrick
    rails (7.2.0)
      actioncable (= 7.2.0)
      actionmailbox (= 7.2.0)
      actionmailer (= 7.2.0)
      actionpack (= 7.2.0)
      actiontext (= 7.2.0)
      actionview (= 7.2.0)
      activejob (= 7.2.0)
      activemodel (= 7.2.0)
      activerecord (= 7.2.0)
      activestorage (= 7.2.0)
      activesupport (= 7.2.0)
      bundler (>= 1.15.0)
      railties (= 7.2.0)
    rails-controller-testing (1.0.5)
      actionpack (>= 5.0.1.rc1)
      actionview (>= 5.0.1.rc1)
      activesupport (>= 5.0.1.rc1)
    rails-dom-testing (2.2.0)
      activesupport (>= 5.0.0)
      minitest
      nokogiri (>= 1.6)
    rails-html-sanitizer (1.6.0)
      loofah (~> 2.21)
      nokogiri (~> 1.14)
    railties (7.2.0)
      actionpack (= 7.2.0)
      activesupport (= 7.2.0)
      irb (~> 1.13)
      rackup (>= 1.0.0)
      rake (>= 12.2)
      thor (~> 1.0, >= 1.2.2)
      zeitwerk (~> 2.6)
    rainbow (3.1.1)
    rake (13.2.1)
    rb-fsevent (0.11.2)
    rb-inotify (0.11.1)
      ffi (~> 1.0)
    rbi (0.1.14)
      prism (>= 0.18.0, < 1.0.0)
      sorbet-runtime (>= 0.5.9204)
    rbs (2.8.4)
    rbzip2 (0.3.0)
    rdoc (6.7.0)
      psych (>= 4.0.0)
    redis (5.3.0)
      redis-client (>= 0.22.0)
    redis-actionpack (5.4.0)
      actionpack (>= 5, < 8)
      redis-rack (>= 2.1.0, < 4)
      redis-store (>= 1.1.0, < 2)
    redis-activesupport (5.3.0)
      activesupport (>= 3, < 8)
      redis-store (>= 1.3, < 2)
    redis-client (0.22.2)
      connection_pool
    redis-rack (3.0.0)
      rack-session (>= 0.2.0)
      redis-store (>= 1.2, < 2)
    redis-rack-cache (2.2.1)
      rack-cache (>= 1.10, < 2)
      redis-store (>= 1.6, < 2)
    redis-rails (5.0.2)
      redis-actionpack (>= 5.0, < 6)
      redis-activesupport (>= 5.0, < 6)
      redis-store (>= 1.2, < 2)
    redis-store (1.11.0)
      redis (>= 4, < 6)
    regexp_parser (2.9.2)
    reline (0.5.9)
      io-console (~> 0.5)
    request_store (1.7.0)
      rack (>= 1.4)
    responders (3.1.1)
      actionpack (>= 5.2)
      railties (>= 5.2)
    reverse_markdown (2.1.1)
      nokogiri
    rexml (3.3.5)
      strscan
    rouge (4.3.0)
    rspec-activemodel-mocks (1.2.0)
      activemodel (>= 3.0)
      activesupport (>= 3.0)
      rspec-mocks (>= 2.99, < 4.0)
    rspec-collection_matchers (1.2.1)
      rspec-expectations (>= 2.99.0.beta1)
    rspec-core (3.13.0)
      rspec-support (~> 3.13.0)
    rspec-expectations (3.13.2)
      diff-lcs (>= 1.2.0, < 2.0)
      rspec-support (~> 3.13.0)
    rspec-mocks (3.13.1)
      diff-lcs (>= 1.2.0, < 2.0)
      rspec-support (~> 3.13.0)
    rspec-rails (6.1.4)
      actionpack (>= 6.1)
      activesupport (>= 6.1)
      railties (>= 6.1)
      rspec-core (~> 3.13)
      rspec-expectations (~> 3.13)
      rspec-mocks (~> 3.13)
      rspec-support (~> 3.13)
    rspec-sorbet (1.9.2)
      sorbet-runtime
    rspec-support (3.13.1)
    rubocop (1.65.1)
      json (~> 2.3)
      language_server-protocol (>= 3.17.0)
      parallel (~> 1.10)
      parser (>= 3.3.0.2)
      rainbow (>= 2.2.2, < 4.0)
      regexp_parser (>= 2.4, < 3.0)
      rexml (>= 3.2.5, < 4.0)
      rubocop-ast (>= 1.31.1, < 2.0)
      ruby-progressbar (~> 1.7)
      unicode-display_width (>= 2.4.0, < 3.0)
    rubocop-ast (1.32.1)
      parser (>= 3.3.1.0)
    rubocop-sorbet (0.8.5)
      rubocop (>= 1)
    ruby-openid (2.9.2)
    ruby-progressbar (1.13.0)
    ruby-vips (2.2.2)
      ffi (~> 1.12)
      logger
    ruby2_keywords (0.0.5)
    ruby_parser (3.21.1)
      racc (~> 1.5)
      sexp_processor (~> 4.16)
    rubyzip (2.3.2)
    sass (3.7.4)
      sass-listen (~> 4.0.0)
    sass-listen (4.0.0)
      rb-fsevent (~> 0.9, >= 0.9.4)
      rb-inotify (~> 0.9, >= 0.9.7)
    sass-rails (6.0.0)
      sassc-rails (~> 2.1, >= 2.1.1)
    sassc (2.4.0)
      ffi (~> 1.9)
    sassc-rails (2.1.2)
      railties (>= 4.0.0)
      sassc (>= 2.0)
      sprockets (> 3.0)
      sprockets-rails
      tilt
    sd_notify (0.1.1)
    securerandom (0.3.1)
    sentry-rails (5.19.0)
      railties (>= 5.0)
      sentry-ruby (~> 5.19.0)
    sentry-ruby (5.19.0)
      bigdecimal
      concurrent-ruby (~> 1.0, >= 1.0.2)
    sentry-sidekiq (5.19.0)
      sentry-ruby (~> 5.19.0)
      sidekiq (>= 3.0)
    sexp_processor (4.17.2)
    shoulda-matchers (6.4.0)
      activesupport (>= 5.2.0)
    sidekiq (7.3.1)
      concurrent-ruby (< 2)
      connection_pool (>= 2.3.0)
      logger
      rack (>= 2.2.4)
      redis-client (>= 0.22.2)
    sidekiq-cron (1.12.0)
      fugit (~> 1.8)
      globalid (>= 1.0.1)
      sidekiq (>= 6)
    simple_form (5.3.1)
      actionpack (>= 5.2)
      activemodel (>= 5.2)
    simplecov (0.16.1)
      docile (~> 1.1)
      json (>= 1.8, < 3)
      simplecov-html (~> 0.10.0)
    simplecov-html (0.10.2)
    solargraph (0.50.0)
      backport (~> 1.2)
      benchmark
      bundler (~> 2.0)
      diff-lcs (~> 1.4)
      e2mmap
      jaro_winkler (~> 1.5)
      kramdown (~> 2.3)
      kramdown-parser-gfm (~> 1.1)
      parser (~> 3.0)
      rbs (~> 2.0)
      reverse_markdown (~> 2.0)
      rubocop (~> 1.38)
      thor (~> 1.0)
      tilt (~> 2.0)
      yard (~> 0.9, >= 0.9.24)
    sorbet (0.5.11532)
      sorbet-static (= 0.5.11532)
    sorbet-runtime (0.5.11532)
    sorbet-static (0.5.11532-aarch64-linux)
    sorbet-static (0.5.11532-universal-darwin)
    sorbet-static (0.5.11532-x86_64-linux)
    sorbet-static-and-runtime (0.5.11532)
      sorbet (= 0.5.11532)
      sorbet-runtime (= 0.5.11532)
    spoom (1.4.2)
      erubi (>= 1.10.0)
      prism (>= 0.28.0)
      sorbet-static-and-runtime (>= 0.5.10187)
      thor (>= 0.19.2)
    sprockets (4.2.1)
      concurrent-ruby (~> 1.0)
      rack (>= 2.2.4, < 4)
    sprockets-rails (3.5.2)
      actionpack (>= 6.1)
      activesupport (>= 6.1)
      sprockets (>= 3.0.0)
    sshkit (1.23.0)
      base64
      net-scp (>= 1.1.2)
      net-sftp (>= 2.1.2)
      net-ssh (>= 2.8.0)
    ssrf_filter (1.1.2)
    stimulus-rails (1.3.4)
      railties (>= 6.0.0)
    stringio (3.1.1)
    stripe (12.5.0)
    strscan (3.1.0)
    sync (0.5.0)
    sys-uname (1.3.0)
      ffi (~> 1.1)
    tapioca (0.16.1)
      bundler (>= 2.2.25)
      netrc (>= 0.11.0)
      parallel (>= 1.21.0)
      rbi (>= 0.1.14, < 0.2)
      sorbet-static-and-runtime (>= 0.5.11087)
      spoom (>= 1.2.0)
      thor (>= 1.2.0)
      yard-sorbet
    temple (0.10.3)
    term-ansicolor (1.11.2)
      tins (~> 1.0)
    terser (1.2.3)
      execjs (>= 0.3.0, < 3)
    text (1.3.1)
    tf2_line_parser (0.2.3)
      activesupport
    thor (1.3.1)
    tilt (2.4.0)
    time (0.3.0)
      date
    timeout (0.4.1)
    tins (1.33.0)
      bigdecimal
      sync
    turbo-rails (2.0.6)
      actionpack (>= 6.0.0)
      activejob (>= 6.0.0)
      railties (>= 6.0.0)
    tzinfo (2.0.6)
      concurrent-ruby (~> 1.0)
    unicode-display_width (2.5.0)
    useragent (0.16.10)
    vcr (6.3.1)
      base64
    warden (1.2.9)
      rack (>= 2.0.9)
    webmock (3.23.1)
      addressable (>= 2.8.0)
      crack (>= 0.3.2)
      hashdiff (>= 0.4.0, < 2.0.0)
    webrick (1.8.1)
    websocket-driver (0.7.6)
      websocket-extensions (>= 0.1.0)
    websocket-extensions (0.1.5)
    will_paginate (3.3.1)
    will_paginate-bootstrap4 (0.2.2)
      will_paginate (~> 3.0, >= 3.0.0)
    xml-simple (1.1.9)
      rexml
    xpath (3.2.0)
      nokogiri (~> 1.8)
    yard (0.9.36)
    yard-sorbet (0.9.0)
      sorbet-runtime
      yard
    zeitwerk (2.6.17)
    zonebie (0.6.1)

PLATFORMS
  aarch64-linux
  aarch64-linux-gnu
  aarch64-linux-musl
  arm64-darwin
  universal-darwin
  x86_64-darwin
  x86_64-linux-gnu
  x86_64-linux-musl

DEPENDENCIES
  american_date
  aws-sdk-s3
  base32_pure
  bcrypt_pbkdf
  better_errors
  binding_of_caller
  bootsnap
  bootstrap (~> 4.6)
  capistrano
  capistrano-bundler
  capistrano-ext
  capistrano-faster-assets
  capistrano-maintenance
  capistrano-rails
  capistrano-rvm
  capistrano-sidekiq!
  capistrano3-puma (~> 5.2)
  capybara
  carrierwave
  coffee-rails
  connection_pool
  coveralls
  cucumber
  cucumber-rails
  dante
  database_cleaner
  delorean
  devise
  down
  draper
  ed25519
  eventmachine
  execjs
  factory_bot_rails
  faraday
  ffi
  font-awesome-rails
  geocoder
  google_visualr!
  haml
  hashie
  hiredis
  hive_geoip2
  hotwire-rails
  importmap-rails
  irb
  jbuilder
  jquery-rails
  json_expressions
  launchy
  lograge
  logs_tf
  maxmind-geoip2
  maxminddb
  mini_racer
  minitest
  net-ftp
  net-imap
  net-pop
  net-sftp
  net-smtp
  net-ssh
  oily_png
  omniauth
  omniauth-rails_csrf_protection
  omniauth-steam
  parallel_tests
  paypal-sdk-rest
  pg
  pry-nav
  puma
  rack (~> 2.2)
  rack-cache
  rails (~> 7.2.0)
  rails-controller-testing
  rbzip2
  redis
  redis-rack-cache
  redis-rails
  remote_lock!
  rexml
  rspec-activemodel-mocks
  rspec-collection_matchers
  rspec-expectations
  rspec-mocks
  rspec-rails
  rspec-sorbet
  rspec-support
  rubocop
  rubocop-sorbet
  ruby_parser
  rubyzip
  sass
  sass-rails
  sassc
  sd_notify
  sentry-rails
  sentry-ruby
  sentry-sidekiq
  shoulda-matchers
  sidekiq
  sidekiq-cron
  simple_form
  solargraph
  sorbet
  sorbet-runtime
  sprockets
  sprockets-rails
  steam-condenser!
  stripe
  tapioca
  terser
  text
  tf2_line_parser
  vcr
  webmock
  will_paginate
  will_paginate-bootstrap4
  zonebie

BUNDLED WITH
   2.5.11
